GEM
  remote: https://rubygems.org/
  specs:
    activesupport (4.2.7)
      i18n (~> 0.7)
      json (~> 1.7, >= 1.7.7)
      minitest (~> 5.1)
      thread_safe (~> 0.3, >= 0.3.4)
      tzinfo (~> 1.1)
    addressable (2.8.0)
      public_suffix (>= 2.0.2, < 5.0)
    coffee-script (2.4.1)
      coffee-script-source
      execjs
    coffee-script-source (1.12.2)
    colorator (1.1.0)
    concurrent-ruby (1.1.10)
    ethon (0.15.0)
      ffi (>= 1.15.0)
    execjs (2.7.0)
    faraday (2.3.0)
      faraday-net_http (~> 2.0)
      ruby2_keywords (>= 0.0.4)
    faraday-net_http (2.0.3)
    ffi (1.15.5)
    forwardable-extended (2.6.0)
    gemoji (2.1.0)
    github-pages (117)
      activesupport (= 4.2.7)
      github-pages-health-check (= 1.3.0)
      jekyll (= 3.3.1)
      jekyll-avatar (= 0.4.2)
      jekyll-coffeescript (= 1.0.1)
      jekyll-default-layout (= 0.1.4)
      jekyll-feed (= 0.8.0)
      jekyll-gist (= 1.4.0)
      jekyll-github-metadata (= 2.3.1)
      jekyll-mentions (= 1.2.0)
      jekyll-optional-front-matter (= 0.1.2)
      jekyll-paginate (= 1.1.0)
      jekyll-readme-index (= 0.0.3)
      jekyll-redirect-from (= 0.11.0)
      jekyll-relative-links (= 0.2.1)
      jekyll-sass-converter (= 1.5.0)
      jekyll-seo-tag (= 2.1.0)
      jekyll-sitemap (= 0.12.0)
      jekyll-swiss (= 0.4.0)
      jekyll-theme-architect (= 0.0.3)
      jekyll-theme-cayman (= 0.0.3)
      jekyll-theme-dinky (= 0.0.3)
      jekyll-theme-hacker (= 0.0.3)
      jekyll-theme-leap-day (= 0.0.3)
      jekyll-theme-merlot (= 0.0.3)
      jekyll-theme-midnight (= 0.0.3)
      jekyll-theme-minimal (= 0.0.3)
      jekyll-theme-modernist (= 0.0.3)
      jekyll-theme-primer (= 0.1.7)
      jekyll-theme-slate (= 0.0.3)
      jekyll-theme-tactile (= 0.0.3)
      jekyll-theme-time-machine (= 0.0.3)
      jekyll-titles-from-headings (= 0.1.4)
      jemoji (= 0.7.0)
      kramdown (= 1.11.1)
      liquid (= 3.0.6)
      listen (= 3.0.6)
      mercenary (~> 0.3)
      minima (= 2.0.0)
      nokogiri (= 1.6.8.1)
      rouge (= 1.11.1)
      terminal-table (~> 1.4)
    github-pages-health-check (1.3.0)
      addressable (~> 2.3)
      net-dns (~> 0.8)
      octokit (~> 4.0)
      public_suffix (~> 2.0)
      typhoeus (~> 0.7)
    html-pipeline (2.5.0)
      activesupport (>= 2)
      nokogiri (>= 1.4)
    i18n (0.9.5)
      concurrent-ruby (~> 1.0)
    jekyll (3.3.1)
      addressable (~> 2.4)
      colorator (~> 1.0)
      jekyll-sass-converter (~> 1.0)
      jekyll-watch (~> 1.1)
      kramdown (~> 1.3)
      liquid (~> 3.0)
      mercenary (~> 0.3.3)
      pathutil (~> 0.9)
      rouge (~> 1.7)
      safe_yaml (~> 1.0)
    jekyll-avatar (0.4.2)
      jekyll (~> 3.0)
    jekyll-coffeescript (1.0.1)
      coffee-script (~> 2.2)
    jekyll-default-layout (0.1.4)
      jekyll (~> 3.0)
    jekyll-feed (0.8.0)
      jekyll (~> 3.3)
    jekyll-gist (1.4.0)
      octokit (~> 4.2)
    jekyll-github-metadata (2.3.1)
      jekyll (~> 3.1)
      octokit (~> 4.0, != 4.4.0)
    jekyll-mentions (1.2.0)
      activesupport (~> 4.0)
      html-pipeline (~> 2.3)
      jekyll (~> 3.0)
    jekyll-optional-front-matter (0.1.2)
      jekyll (~> 3.0)
    jekyll-paginate (1.1.0)
    jekyll-readme-index (0.0.3)
      jekyll (~> 3.0)
    jekyll-redirect-from (0.11.0)
      jekyll (>= 2.0)
    jekyll-relative-links (0.2.1)
      jekyll (~> 3.3)
    jekyll-sass-converter (1.5.0)
      sass (~> 3.4)
    jekyll-seo-tag (2.1.0)
      jekyll (~> 3.3)
    jekyll-sitemap (0.12.0)
      jekyll (~> 3.3)
    jekyll-swiss (0.4.0)
    jekyll-theme-architect (0.0.3)
      jekyll (~> 3.3)
    jekyll-theme-cayman (0.0.3)
      jekyll (~> 3.3)
    jekyll-theme-dinky (0.0.3)
      jekyll (~> 3.3)
    jekyll-theme-hacker (0.0.3)
      jekyll (~> 3.3)
    jekyll-theme-leap-day (0.0.3)
      jekyll (~> 3.3)
    jekyll-theme-merlot (0.0.3)
      jekyll (~> 3.3)
    jekyll-theme-midnight (0.0.3)
      jekyll (~> 3.3)
    jekyll-theme-minimal (0.0.3)
      jekyll (~> 3.3)
    jekyll-theme-modernist (0.0.3)
      jekyll (~> 3.3)
    jekyll-theme-primer (0.1.7)
      jekyll (~> 3.3)
    jekyll-theme-slate (0.0.3)
      jekyll (~> 3.3)
    jekyll-theme-tactile (0.0.3)
      jekyll (~> 3.3)
    jekyll-theme-time-machine (0.0.3)
      jekyll (~> 3.3)
    jekyll-titles-from-headings (0.1.4)
      jekyll (~> 3.3)
    jekyll-watch (1.5.1)
      listen (~> 3.0)
    jemoji (0.7.0)
      activesupport (~> 4.0)
      gemoji (~> 2.0)
      html-pipeline (~> 2.2)
      jekyll (>= 3.0)
    json (1.8.6)
    kramdown (1.11.1)
    liquid (3.0.6)
    listen (3.0.6)
      rb-fsevent (>= 0.9.3)
      rb-inotify (>= 0.9.7)
    mercenary (0.3.6)
    mini_portile2 (2.1.0)
    minima (2.0.0)
    minitest (5.10.1)
    net-dns (0.9.0)
    nokogiri (1.6.8.1)
      mini_portile2 (~> 2.1.0)
    octokit (4.25.0)
      faraday (>= 1, < 3)
      sawyer (~> 0.9)
    pathutil (0.16.2)
      forwardable-extended (~> 2.6)
    public_suffix (2.0.5)
    rb-fsevent (0.11.1)
    rb-inotify (0.10.1)
      ffi (~> 1.0)
    rouge (1.11.1)
    ruby2_keywords (0.0.5)
    safe_yaml (1.0.5)
    sass (3.7.4)
      sass-listen (~> 4.0.0)
    sass-listen (4.0.0)
      rb-fsevent (~> 0.9, >= 0.9.4)
      rb-inotify (~> 0.9, >= 0.9.7)
    sawyer (0.9.2)
      addressable (>= 2.3.5)
      faraday (>= 0.17.3, < 3)
    terminal-table (1.7.3)
      unicode-display_width (~> 1.1.1)
    thread_safe (0.3.5)
    typhoeus (0.8.0)
      ethon (>= 0.8.0)
    tzinfo (1.2.2)
      thread_safe (~> 0.1)
    unicode-display_width (1.1.3)

PLATFORMS
  ruby

DEPENDENCIES
  github-pages

BUNDLED WITH
   2.1.4
